GEM
  remote: http://rubygems.org/
  specs:
    json (2.3.0)
    serialport (1.1.0)
    trollop (2.0)
    xml-simple (1.1.1)

PLATFORMS
  ruby

DEPENDENCIES
  json
  serialport
  trollop
  xml-simple
